PATH
  remote: .
  specs:
    cloud_text (0.1.1)
      ruby-stemmer (~> 0.9.6)
      stopwords-filter (~> 0.4.1)
      unicode_utils (~> 1.4)

GEM
  remote: https://rubygems.org/
  specs:
    diff-lcs (1.3)
    rake (10.5.0)
    rspec (3.7.0)
      rspec-core (~> 3.7.0)
      rspec-expectations (~> 3.7.0)
      rspec-mocks (~> 3.7.0)
    rspec-core (3.7.1)
      rspec-support (~> 3.7.0)
    rspec-expectations (3.7.0)
      diff-lcs (>= 1.2.0, < 2.0)
      rspec-support (~> 3.7.0)
    rspec-mocks (3.7.0)
      diff-lcs (>= 1.2.0, < 2.0)
      rspec-support (~> 3.7.0)
    rspec-support (3.7.1)
    ruby-stemmer (0.9.6)
    stopwords-filter (0.4.1)
    unicode_utils (1.4.0)

PLATFORMS
  ruby

DEPENDENCIES
  bundler (~> 1.16)
  cloud_text!
  rake (~> 10.0)
  rspec (~> 3.0)

BUNDLED WITH
   1.16.1
